PATH
  remote: .
  specs:
    hexlet_code (0.1.0)

GEM
  remote: https://rubygems.org/
  specs:
    rake (13.0.1)

PLATFORMS
  ruby

DEPENDENCIES
  hexlet_code!
  rake (~> 13.0)

BUNDLED WITH
   2.1.2
